PATH
  remote: .
  specs:
    ecpay_payment (1.0.8)

GEM
  remote: https://rubygems.org/
  specs:
    diff-lcs (1.5.1)
    rake (11.3.0)
    rspec (3.13.0)
      rspec-core (~> 3.13.0)
      rspec-expectations (~> 3.13.0)
      rspec-mocks (~> 3.13.0)
    rspec-core (3.13.2)
      rspec-support (~> 3.13.0)
    rspec-expectations (3.13.3)
      diff-lcs (>= 1.2.0, < 2.0)
      rspec-support (~> 3.13.0)
    rspec-mocks (3.13.2)
      diff-lcs (>= 1.2.0, < 2.0)
      rspec-support (~> 3.13.0)
    rspec-support (3.13.1)

PLATFORMS
  arm64-darwin-23
  ruby

DEPENDENCIES
  bundler (>= 1.12, < 3.0)
  ecpay_payment!
  rake (~> 11.1)
  rspec (~> 3.4)

BUNDLED WITH
   2.5.9
